PATH
  remote: .
  specs:
    pin_note (0.1.0)

GEM
  remote: https://rubygems.org/
  specs:
    awesome_print (1.8.0)
    fakefs (0.13.3)
    minitest (5.11.3)
    rake (10.5.0)
    thor (0.20.0)

PLATFORMS
  ruby

DEPENDENCIES
  awesome_print (~> 1.8)
  bundler (~> 1.16)
  fakefs (~> 0.13.3)
  minitest (~> 5.0)
  pin_note!
  rake (~> 10.0)
  thor (~> 0.20.0)

BUNDLED WITH
   1.16.1
